PATH
  remote: .
  specs:
    rulers (0.0.2)
      erubis
      multi_json
      rack (~> 2.2)
      sqlite3
      webrick

GEM
  remote: https://rubygems.org/
  specs:
    diff-lcs (1.6.0)
    erubis (2.7.0)
    multi_json (1.15.0)
    rack (2.2.13)
    rack-test (2.2.0)
      rack (>= 1.3)
    rake (13.2.1)
    rspec (3.13.0)
      rspec-core (~> 3.13.0)
      rspec-expectations (~> 3.13.0)
      rspec-mocks (~> 3.13.0)
    rspec-core (3.13.3)
      rspec-support (~> 3.13.0)
    rspec-expectations (3.13.3)
      diff-lcs (>= 1.2.0, < 2.0)
      rspec-support (~> 3.13.0)
    rspec-mocks (3.13.2)
      diff-lcs (>= 1.2.0, < 2.0)
      rspec-support (~> 3.13.0)
    rspec-support (3.13.2)
    sqlite3 (2.6.0-arm64-darwin)
    webrick (1.9.1)

PLATFORMS
  arm64-darwin-23

DEPENDENCIES
  rack-test
  rake (~> 13.0)
  rspec (~> 3.0)
  rulers!

BUNDLED WITH
   2.4.10
