PATH
  remote: ../rulers
  specs:
    rulers (0.0.2)
      erubis
      multi_json
      rack (~> 2.2)
      webrick

GEM
  remote: https://rubygems.org/
  specs:
    erubis (2.7.0)
    ffi (1.17.1-arm64-darwin)
    listen (3.9.0)
      rb-fsevent (~> 0.10, >= 0.10.3)
      rb-inotify (~> 0.9, >= 0.9.10)
    multi_json (1.15.0)
    rack (2.2.13)
    rb-fsevent (0.11.2)
    rb-inotify (0.11.1)
      ffi (~> 1.0)
    rerun (0.14.0)
      listen (~> 3.0)
    webrick (1.9.1)

PLATFORMS
  arm64-darwin-23

DEPENDENCIES
  rerun
  rulers!

BUNDLED WITH
   2.4.10
