PATH
  remote: ../rulers
  specs:
    rulers (0.0.2)
      rack (~> 2.2)
      webrick

GEM
  remote: https://rubygems.org/
  specs:
    rack (2.2.13)
    webrick (1.9.1)

PLATFORMS
  arm64-darwin-23

DEPENDENCIES
  rulers!

BUNDLED WITH
   2.4.10
